GIT
  remote: git://github.com/ixti/jekyll-assets.git
  revision: 4ce7eeb9eb4af29b14b77ba32addf05889f6961c
  specs:
    jekyll-assets (0.7.7)
      jekyll (~> 1.0)
      sass
      sprockets (~> 2.10)

PATH
  remote: .
  specs:
    atlas_assets (0.6.6.1)
      handlebars_assets (~> 0.15)

GEM
  remote: https://rubygems.org/
  specs:
    classifier (1.3.4)
      fast-stemmer (>= 1.0.0)
    coderay (1.0.9)
    coffee-script (2.2.0)
      coffee-script-source
      execjs
    coffee-script-source (1.7.0)
    colorator (0.1)
    commander (4.1.6)
      highline (~> 1.6.11)
    directory_watcher (1.4.1)
    eco (1.0.0)
      coffee-script
      eco-source
      execjs
    eco-source (1.1.0.rc.1)
    execjs (2.0.2)
    fast-stemmer (1.0.2)
    handlebars_assets (0.15)
      execjs (>= 1.2.9)
      multi_json
      sprockets (>= 2.0.3)
      tilt
    highline (1.6.21)
    hike (1.2.3)
    jekyll (1.0.4)
      classifier (~> 1.3)
      colorator (~> 0.1)
      commander (~> 4.1.3)
      directory_watcher (~> 1.4.1)
      kramdown (~> 1.0.2)
      liquid (~> 2.5.1)
      maruku (~> 0.5)
      pygments.rb (~> 0.5.0)
      safe_yaml (~> 0.7.0)
    kramdown (1.0.2)
    liquid (2.5.5)
    maruku (0.7.1)
    multi_json (1.9.3)
    posix-spawn (0.3.8)
    puma (2.0.1)
      rack (>= 1.1, < 2.0)
    pygmentize (0.0.3)
    pygments.rb (0.5.4)
      posix-spawn (~> 0.3.6)
      yajl-ruby (~> 1.1.0)
    rack (1.5.2)
    rack-contrib (1.1.0)
      rack (>= 0.9.1)
    rack-rewrite (1.3.3)
    rake (10.0.4)
    safe_yaml (0.7.1)
    sass (3.2.19)
    sprockets (2.12.1)
      hike (~> 1.2)
      multi_json (~> 1.0)
      rack (~> 1.0)
      tilt (~> 1.1, != 1.3.0)
    tilt (1.4.1)
    yajl-ruby (1.1.0)

PLATFORMS
  ruby

DEPENDENCIES
  atlas_assets!
  coderay (~> 1.0.9)
  coffee-script
  eco
  jekyll (~> 1.0.2)
  jekyll-assets!
  kramdown (~> 1.0.2)
  puma (~> 2.0.1)
  pygmentize (~> 0.0.3)
  rack-contrib (~> 1.1.0)
  rack-rewrite (~> 1.3.3)
  rake (~> 10.0.4)
  sass (~> 3.2.9)
