PATH
  remote: .
  specs:
    atlas_assets (0.9.0)
      handlebars_assets (= 0.23.1)

GEM
  remote: https://rubygems.org/
  specs:
    concurrent-ruby (1.1.10)
    execjs (2.8.1)
    handlebars_assets (0.23.1)
      execjs (~> 2.0)
      multi_json (~> 1.0)
      sprockets (>= 2.0.0)
      tilt (>= 1.2)
    multi_json (1.15.0)
    rack (3.0.14)
    sprockets (4.2.0)
      concurrent-ruby (~> 1.0)
      rack (>= 2.2.4, < 4)
    tilt (2.0.11)

PLATFORMS
  ruby

DEPENDENCIES
  atlas_assets!

RUBY VERSION
   ruby 2.7.7p221

BUNDLED WITH
   2.3.26
